NUGET
  remote: https://www.nuget.org/api/v2
    FAKE (5.8.4)
