NUGET
  remote: https://www.nuget.org/api/v2
